GEM
  remote: https://rubygems.org/
  specs:
    coderay (1.1.3)
    method_source (1.0.0)
    nokogiri (1.13.9-x86_64-darwin)
      racc (~> 1.4)
    pry (0.14.1)
      coderay (~> 1.1)
      method_source (~> 1.0)
    racc (1.6.1)

PLATFORMS
  x86_64-darwin-22

DEPENDENCIES
  nokogiri
  pry

RUBY VERSION
   ruby 3.1.2p20

BUNDLED WITH
   2.3.7
